GEM
  remote: https://rubygems.org/
  specs:
    albacore (2.5.3)
      map (~> 6.5)
      nokogiri (~> 1.5)
      rake (~> 10)
      semver2 (~> 3.4)
    map (6.5.5)
    mini_portile (0.6.2)
    nokogiri (1.6.6.2)
      mini_portile (~> 0.6.0)
    rake (10.4.2)
    semver2 (3.4.2)

PLATFORMS
  ruby

DEPENDENCIES
  albacore (~> 2.5.3)

BUNDLED WITH
   1.10.5
