FRAMEWORK: NET40
NUGET
  remote: https://www.nuget.org/api/v2
  specs:
    Newtonsoft.Json (6.0.8)
    NuGet.CommandLine (2.8.6)
    protobuf-net (2.0.0.668)
